PATH
  remote: .
  specs:
    sim_launcher (0.4.6)
      plist
      sinatra

GEM
  remote: http://rubygems.org/
  specs:
    plist (3.1.0)
    rack (1.4.1)
    rack-protection (1.2.0)
      rack
    sinatra (1.3.3)
      rack (~> 1.3, >= 1.3.6)
      rack-protection (~> 1.2)
      tilt (~> 1.3, >= 1.3.3)
    tilt (1.3.3)

PLATFORMS
  ruby

DEPENDENCIES
  sim_launcher!
